GEM
  remote: https://rubygems.org/
  specs:
    rack (3.1.16)
    rackup (2.2.1)
      rack (>= 3)

PLATFORMS
  x64-mingw-ucrt

DEPENDENCIES
  rackup (~> 2.2)

BUNDLED WITH
   2.6.7
