GEM
  remote: https://rubygems.org/
  specs:

PLATFORMS
  x64-mingw-ucrt
  x86_64-linux

DEPENDENCIES
sinatra
puma
rack

BUNDLED WITH
   2.6.7
